GIT
  remote: git://github.com/cloudfoundry/cf.git
  revision: d2743fc6791b45786df4f2e5fada8e1c09ccad54
  specs:
    cf (1.1.1)
      addressable (~> 2.2)
      caldecott-client (~> 0.0.2)
      cfoundry (>= 1.2.0, < 1.3)
      interact (~> 0.5)
      json_pure (~> 1.6)
      mothership (>= 0.5.1, < 1.0)
      multi_json (~> 1.3)
      rest-client (~> 1.6)
      uuidtools (~> 2.1)

GIT
  remote: git://github.com/cloudfoundry/cfoundry.git
  revision: 667fb54ab7979244f247b58c8c39f035a92c56cd
  submodules: true
  specs:
    cfoundry (1.2.0)
      activemodel (~> 3.2.13)
      cf-uaa-lib (~> 1.3.10)
      multi_json (~> 1.7)
      multipart-post (~> 1.1)
      rubyzip (~> 0.9)

PATH
  remote: .
  specs:
    tools-cf-plugin (1.0.0)
      cfoundry
      nats

GEM
  remote: http://rubygems.org/
  specs:
    activemodel (3.2.13)
      activesupport (= 3.2.13)
      builder (~> 3.0.0)
    activesupport (3.2.13)
      i18n (= 0.6.1)
      multi_json (~> 1.0)
    addressable (2.3.4)
    blue-shell (0.0.3)
      rspec
    bourne (1.4.0)
      mocha (~> 0.13.2)
    builder (3.0.4)
    caldecott-client (0.0.2)
      multi_json (~> 1.3)
    cf-uaa-lib (1.3.10)
      multi_json
    crack (0.3.2)
    daemons (1.1.9)
    diff-lcs (1.1.3)
    eventmachine (1.0.3)
    fakefs (0.4.2)
    gem-release (0.6.0)
    i18n (0.6.1)
    interact (0.5.2)
    json_pure (1.8.0)
    metaclass (0.0.1)
    mime-types (1.23)
    mocha (0.13.3)
      metaclass (~> 0.0.1)
    mothership (0.5.1)
    multi_json (1.7.3)
    multipart-post (1.2.0)
    nats (0.4.26)
      daemons (>= 1.1.5)
      eventmachine (>= 0.12.10)
      json_pure (>= 1.7.3)
      thin (>= 1.4.1)
    rack (1.5.2)
    rake (10.0.3)
    rest-client (1.6.7)
      mime-types (>= 1.16)
    rr (1.0.4)
    rspec (2.12.0)
      rspec-core (~> 2.12.0)
      rspec-expectations (~> 2.12.0)
      rspec-mocks (~> 2.12.0)
    rspec-core (2.12.2)
    rspec-expectations (2.12.1)
      diff-lcs (~> 1.1.3)
    rspec-mocks (2.12.2)
    rubyzip (0.9.9)
    shoulda-matchers (1.5.6)
      activesupport (>= 3.0.0)
      bourne (~> 1.3)
    thin (1.5.1)
      daemons (>= 1.0.9)
      eventmachine (>= 0.12.6)
      rack (>= 1.0.0)
    timecop (0.6.1)
    uuidtools (2.1.4)
    webmock (1.9.0)
      addressable (>= 2.2.7)
      crack (>= 0.1.7)

PLATFORMS
  ruby

DEPENDENCIES
  blue-shell
  cf!
  cfoundry!
  fakefs
  gem-release
  json_pure (~> 1.8)
  rake (>= 0.9)
  rr (~> 1.0)
  rspec (~> 2.11)
  shoulda-matchers (~> 1.5.6)
  timecop (~> 0.6.1)
  tools-cf-plugin!
  webmock (~> 1.9)
