GIT
  remote: git://github.com/cloudfoundry/cf.git
  revision: 07199e91a74a262d87fd3ad4aa25a7402718839a
  tag: v1.0.0
  specs:
    cf (1.0.0)
      addressable (~> 2.2)
      caldecott-client (~> 0.0.2)
      cfoundry (>= 1.0.0, < 1.1)
      interact (~> 0.5)
      json_pure (~> 1.6)
      mothership (>= 0.5.1, < 1.0)
      multi_json (~> 1.3)
      rest-client (~> 1.6)
      uuidtools (~> 2.1)

PATH
  remote: .
  specs:
    tools-cf-plugin (1.0.0)
      cfoundry (>= 1.0.0, < 1.1)
      nats

GEM
  remote: http://rubygems.org/
  specs:
    addressable (2.3.4)
    blue-shell (0.0.3)
      rspec
    caldecott-client (0.0.2)
      multi_json (~> 1.3)
    cf-uaa-lib (1.3.10)
      multi_json
    cfoundry (1.0.0)
      cf-uaa-lib (~> 1.3.10)
      multi_json (~> 1.3)
      multipart-post (~> 1.1)
      rubyzip (~> 0.9)
    crack (0.3.2)
    daemons (1.1.9)
    diff-lcs (1.1.3)
    eventmachine (1.0.3)
    fakefs (0.4.2)
    interact (0.5.2)
    json_pure (1.8.0)
    mime-types (1.23)
    mothership (0.5.1)
    multi_json (1.7.3)
    multipart-post (1.2.0)
    nats (0.4.26)
      daemons (>= 1.1.5)
      eventmachine (>= 0.12.10)
      json_pure (>= 1.7.3)
      thin (>= 1.4.1)
    rack (1.5.2)
    rake (10.0.3)
    rest-client (1.6.7)
      mime-types (>= 1.16)
    rr (1.0.4)
    rspec (2.12.0)
      rspec-core (~> 2.12.0)
      rspec-expectations (~> 2.12.0)
      rspec-mocks (~> 2.12.0)
    rspec-core (2.12.2)
    rspec-expectations (2.12.1)
      diff-lcs (~> 1.1.3)
    rspec-mocks (2.12.2)
    rubyzip (0.9.9)
    thin (1.5.1)
      daemons (>= 1.0.9)
      eventmachine (>= 0.12.6)
      rack (>= 1.0.0)
    timecop (0.6.1)
    uuidtools (2.1.4)
    webmock (1.9.0)
      addressable (>= 2.2.7)
      crack (>= 0.1.7)

PLATFORMS
  ruby

DEPENDENCIES
  blue-shell
  cf!
  fakefs
  rake
  rr (~> 1.0)
  rspec (~> 2.11)
  timecop
  tools-cf-plugin!
  webmock (~> 1.9)
